GIT
  remote: https://github.com/lifewatch-eric/ontologies_linked_data.git
  revision: 2b5d8ebf6bc13ae182db549da8785a1b49a2e5e2
  branch: master
  specs:
    ontologies_linked_data (0.0.1)
      activesupport
      bcrypt
      goo
      json
      libxml-ruby
      multi_json
      ncbo_resource_index
      oauth2
      oj
      omni_logger
      pony
      rack
      rack-test
      rsolr
      rubyzip

GIT
  remote: https://github.com/ncbo/goo.git
  revision: d0dd816a0afd5b85a02c4b909502cf3a93e6be58
  branch: master
  specs:
    goo (0.0.2)
      addressable (~> 2.8)
      pry
      rdf (= 1.0.8)
      redis
      rest-client
      rsolr
      sparql-client
      uuid

GIT
  remote: https://github.com/ncbo/ncbo_annotator.git
  revision: ed325ae9f79e3b0a0061b1af0b02f624de1d0eef
  branch: master
  specs:
    ncbo_annotator (0.0.1)
      goo
      ontologies_linked_data
      redis
      ruby-xxHash

GIT
  remote: https://github.com/ncbo/ontologies_linked_data.git
  revision: 052e17698a59ff548a749fa7e365156c39aa7305
  branch: master
  specs:
    ontologies_linked_data (0.0.1)
      activesupport
      bcrypt
      goo
      json
      libxml-ruby
      multi_json
      ncbo_resource_index
      oj
      omni_logger
      pony
      rack
      rack-test
      rsolr
      rubyzip

GIT
  remote: https://github.com/ncbo/resource_index.git
  revision: 24a7f14a6da4f4a0eaba1016ca5a378dfccd7441
  specs:
    ncbo_resource_index (0.0.1)
      elasticsearch (= 2.0.0)
      mysql2 (= 0.5.2)
      pony
      ref
      ruby-xxHash
      sequel
      typhoeus

GIT
  remote: https://github.com/ncbo/sparql-client.git
  revision: fb4a89b420f8eb6dda5190a126b6c62e32c4c0c9
  branch: master
  specs:
    sparql-client (1.0.1)
      json_pure (>= 1.4)
      net-http-persistent (= 2.9.4)
      rdf (>= 1.0)

PATH
  remote: .
  specs:
    ncbo_cron (0.0.1)
      dante
      goo
      google-apis-analytics_v3
      mlanett-redis-lock
      multi_json
      ncbo_annotator
      ontologies_linked_data
      redis
      rufus-scheduler (~> 2.0.24)

GEM
  remote: https://rubygems.org/
  specs:
    activesupport (4.0.13)
      i18n (~> 0.6, >= 0.6.9)
      minitest (~> 4.2)
      multi_json (~> 1.3)
      thread_safe (~> 0.1)
      tzinfo (~> 0.3.37)
    addressable (2.3.5)
    bcrypt (3.1.16)
    builder (3.2.4)
    coderay (1.1.3)
    concurrent-ruby (1.1.9)
    cube-ruby (0.0.3)
    dante (0.2.0)
    declarative (0.0.20)
    domain_name (0.5.20190701)
      unf (>= 0.0.5, < 1.0.0)
    email_spec (2.1.1)
      htmlentities (~> 4.3.3)
      launchy (~> 2.1)
      mail (~> 2.6)
    ethon (0.15.0)
      ffi (>= 1.15.0)
    faraday (1.10.0)
      faraday-em_http (~> 1.0)
      faraday-em_synchrony (~> 1.0)
      faraday-excon (~> 1.1)
      faraday-httpclient (~> 1.0)
      faraday-multipart (~> 1.0)
      faraday-net_http (~> 1.0)
      faraday-net_http_persistent (~> 1.0)
      faraday-patron (~> 1.0)
      faraday-rack (~> 1.0)
      faraday-retry (~> 1.0)
      ruby2_keywords (>= 0.0.4)
    faraday-em_http (1.0.0)
    faraday-em_synchrony (1.0.0)
    faraday-excon (1.1.0)
    faraday-httpclient (1.0.1)
    faraday-multipart (1.0.4)
      multipart-post (~> 2)
    faraday-net_http (1.0.1)
    faraday-net_http_persistent (1.2.0)
    faraday-patron (1.0.0)
    faraday-rack (1.0.0)
    faraday-retry (1.0.3)
    ffi (1.15.5)
    google-apis-analytics_v3 (0.10.0)
      google-apis-core (>= 0.7, < 2.a)
    google-apis-core (0.7.0)
      addressable (~> 2.5, >= 2.5.1)
      googleauth (>= 0.16.2, < 2.a)
      httpclient (>= 2.8.1, < 3.a)
      mini_mime (~> 1.0)
      representable (~> 3.0)
      retriable (>= 2.0, < 4.a)
      rexml
      webrick
    googleauth (1.2.0)
      faraday (>= 0.17.3, < 3.a)
      jwt (>= 1.4, < 3.0)
      memoist (~> 0.16)
      multi_json (~> 1.11)
      os (>= 0.9, < 2.0)
      signet (~> 0.15)
    htmlentities (4.3.4)
    http-accept (1.7.0)
    http-cookie (1.0.5)
      domain_name (~> 0.5)
    httpclient (2.8.3)
    i18n (0.9.5)
      concurrent-ruby (~> 1.0)
    json (2.6.1)
    json_pure (2.6.1)
    jwt (2.3.0)
    launchy (2.4.3)
      addressable (~> 2.3)
    libxml-ruby (3.2.2)
    logger (1.5.0)
    macaddr (1.7.2)
      systemu (~> 2.6.5)
    mail (2.6.6)
      mime-types (>= 1.16, < 4)
    memoist (0.16.2)
    method_source (1.0.0)
    mime-types (3.4.1)
      mime-types-data (~> 3.2015)
    mime-types-data (3.2022.0105)
    mini_mime (1.1.2)
    minitest (4.7.5)
    mlanett-redis-lock (0.2.7)
      redis
    multi_json (1.15.0)
    multipart-post (2.1.1)
    mysql2 (0.5.2)
    net-http-persistent (2.9.4)
    netrc (0.11.0)
    oauth2 (2.0.9)
      faraday (>= 0.17.3, < 3.0)
      jwt (>= 1.0, < 3.0)
      multi_xml (~> 0.5)
      rack (>= 1.2, < 4)
      snaky_hash (~> 2.0)
      version_gem (~> 1.1)
    oj (2.18.5)
    omni_logger (0.1.4)
      logger
    os (1.1.4)
    parseconfig (1.1.2)
    pony (1.13.1)
      mail (>= 2.0)
    pry (0.14.2)
      coderay (~> 1.1)
      method_source (~> 1.0)
    rack (2.2.3)
    rack-test (1.1.0)
      rack (>= 1.0, < 3)
    rake (13.0.6)
    rdf (1.0.8)
      addressable (>= 2.2)
    redis (4.6.0)
    ref (2.0.0)
    representable (3.1.1)
      declarative (< 0.1.0)
      trailblazer-option (>= 0.1.1, < 0.2.0)
      uber (< 0.2.0)
    rest-client (2.1.0)
      http-accept (>= 1.7.0, < 2.0)
      http-cookie (>= 1.0.2, < 2.0)
      mime-types (>= 1.16, < 4.0)
      netrc (~> 0.8)
    retriable (3.1.2)
    rexml (3.2.5)
    rsolr (2.5.0)
      builder (>= 2.1.2)
      faraday (>= 0.9, < 3, != 2.0.0)
    ruby-xxHash (0.4.0.2)
    ruby2_keywords (0.0.5)
    rubyzip (2.3.2)
    rufus-scheduler (2.0.24)
      tzinfo (>= 0.3.22)
    sequel (5.54.0)
    signet (0.15.0)
      addressable (~> 2.3)
      faraday (>= 0.17.3, < 2.0)
      jwt (>= 1.5, < 3.0)
      multi_json (~> 1.10)
    snaky_hash (2.0.1)
      hashie
      version_gem (~> 1.1, >= 1.1.1)
    sys-proctable (1.2.6)
      ffi
    systemu (2.6.5)
    test-unit-minitest (0.9.1)
      minitest (~> 4.7)
    trailblazer-option (0.1.2)
    typhoeus (1.4.0)
      ethon (>= 0.9.0)
    tzinfo (0.3.60)
    uber (0.1.0)
    unf (0.1.4)
      unf_ext
    unf_ext (0.0.8.2)
    uuid (2.3.9)
      macaddr (~> 1.0)

PLATFORMS
  ruby
  x86_64-darwin-21
  x86_64-linux

DEPENDENCIES
  cube-ruby
  email_spec
  faraday (~> 1.9)
  ffi
  goo!
  google-apis-analytics_v3
  mail (= 2.6.6)
  minitest (< 5.0)
  multi_json
  ncbo_annotator!
  ncbo_cron!
  oj (~> 2.0)
  ontologies_linked_data!
  parseconfig
  pony
  pry
  rake
  redis
  rest-client
  sparql-client!
  sys-proctable
  test-unit-minitest

BUNDLED WITH
   2.3.14
